GEM
  remote: http://rubygems.org/
  specs:
    activesupport (3.0.11)
    addressable (2.2.6)
    agilezen (0.2.0)
      faraday (~> 0.5.4)
      faraday_middleware (~> 0.3.0)
      hashie (~> 0.4.0)
      multi_json (~> 0.0.5)
    blather (0.5.9)
      activesupport (>= 3.0.7)
      eventmachine (>= 0.12.6)
      niceogiri (>= 0.1.0)
      nokogiri (~> 1.4.0)
    crack (0.1.8)
    diff-lcs (1.1.3)
    eventmachine (0.12.10)
    faraday (0.5.7)
      addressable (~> 2.2.4)
      multipart-post (~> 1.1.0)
      rack (>= 1.1.0, < 2)
    faraday_middleware (0.3.2)
      faraday (~> 0.5.4)
    flowdock (0.1.5)
      httparty (~> 0.7.8)
    hashie (0.4.0)
    httparty (0.7.8)
      crack (= 0.1.8)
    i18n (0.6.0)
    multi_json (0.0.5)
    multipart-post (1.1.4)
    niceogiri (0.1.1)
      nokogiri (~> 1.4.6)
    nokogiri (1.4.7)
    rack (1.3.5)
    rcov (0.9.11)
    rspec (2.3.0)
      rspec-core (~> 2.3.0)
      rspec-expectations (~> 2.3.0)
      rspec-mocks (~> 2.3.0)
    rspec-core (2.3.1)
    rspec-expectations (2.3.0)
      diff-lcs (~> 1.1.2)
    rspec-mocks (2.3.0)

PLATFORMS
  ruby

DEPENDENCIES
  activesupport (>= 3.0)
  agilezen (>= 0.2.0)
  blather (>= 0.5.8)
  bundler (~> 1.0.0)
  flowdock (>= 0.1.3)
  i18n
  rcov
  rspec (~> 2.3.0)
